PATH
  remote: .
  specs:
    fluent-plugin-port-to-service (0.0.9)
      fluentd (>= 0.14.10, < 2)
      sqlite3 (>= 1.3.7)

GEM
  remote: https://rubygems.org/
  specs:
    cool.io (1.5.4)
    dig_rb (1.0.1)
    fluentd (1.6.2)
      cool.io (>= 1.4.5, < 2.0.0)
      dig_rb (~> 1.0.0)
      http_parser.rb (>= 0.5.1, < 0.7.0)
      msgpack (>= 0.7.0, < 2.0.0)
      serverengine (>= 2.0.4, < 3.0.0)
      sigdump (~> 0.2.2)
      strptime (>= 0.2.2, < 1.0.0)
      tzinfo (~> 1.0)
      tzinfo-data (~> 1.0)
      yajl-ruby (~> 1.0)
    http_parser.rb (0.6.0)
    msgpack (1.3.0)
    power_assert (1.1.4)
    rake (12.3.3)
    serverengine (2.1.1)
      sigdump (~> 0.2.2)
    sigdump (0.2.4)
    sqlite3 (1.4.1)
    strptime (0.2.3)
    test-unit (3.3.3)
      power_assert
    thread_safe (0.3.6)
    tzinfo (1.2.5)
      thread_safe (~> 0.1)
    tzinfo-data (1.2019.2)
      tzinfo (>= 1.0.0)
    yajl-ruby (1.4.1)

PLATFORMS
  ruby

DEPENDENCIES
  bundler (> 1.14)
  fluent-plugin-port-to-service!
  rake (> 12.0)
  test-unit (> 3.0)

BUNDLED WITH
   2.0.2
